GEM
  remote: https://rubygems.org/
  specs:
    ast (2.3.0)
    diff-lcs (1.2.4)
    parallel (1.12.1)
    parser (2.4.0.2)
      ast (~> 2.3)
    powerpack (0.1.1)
    rainbow (2.2.2)
      rake
    rake (10.0.4)
    rspec (2.13.0)
      rspec-core (~> 2.13.0)
      rspec-expectations (~> 2.13.0)
      rspec-mocks (~> 2.13.0)
    rspec-core (2.13.1)
    rspec-expectations (2.13.0)
      diff-lcs (>= 1.1.3, < 2.0)
    rspec-mocks (2.13.1)
    rubocop (0.49.1)
      parallel (~> 1.10)
      parser (>= 2.3.3.1, < 3.0)
      powerpack (~> 0.1)
      rainbow (>= 1.99.1, < 3.0)
      ruby-progressbar (~> 1.7)
      unicode-display_width (~> 1.0, >= 1.0.1)
    ruby-progressbar (1.9.0)
    unicode-display_width (1.3.0)
    yard (0.9.12)

PLATFORMS
  ruby

DEPENDENCIES
  rake (~> 10.0.4)
  rspec (~> 2.13.0)
  rubocop (~> 0.49.0)
  yard (~> 0.9.11)
