GEM
  remote: https://rubygems.org/
  specs:
    ast (2.0.0)
    diff-lcs (1.2.4)
    json (1.8.1)
    parser (2.1.9)
      ast (>= 1.1, < 3.0)
      slop (~> 3.4, >= 3.4.5)
    powerpack (0.0.9)
    rainbow (2.0.0)
    rake (10.0.4)
    rspec (2.13.0)
      rspec-core (~> 2.13.0)
      rspec-expectations (~> 2.13.0)
      rspec-mocks (~> 2.13.0)
    rspec-core (2.13.1)
    rspec-expectations (2.13.0)
      diff-lcs (>= 1.1.3, < 2.0)
    rspec-mocks (2.13.1)
    rubocop (0.23.0)
      json (>= 1.7.7, < 2)
      parser (~> 2.1.9)
      powerpack (~> 0.0.6)
      rainbow (>= 1.99.1, < 3.0)
      ruby-progressbar (~> 1.4)
    ruby-progressbar (1.5.1)
    slop (3.5.0)
    yard (0.8.7.4)

PLATFORMS
  ruby

DEPENDENCIES
  rake (~> 10.0.4)
  rspec (~> 2.13.0)
  rubocop (~> 0.23.0)
  yard (~> 0.8.7.4)
